GEM
  remote: https://rubygems.org/
  specs:
    diff-lcs (1.4.4)
    nokogiri (1.12.4-x86_64-darwin)
      racc (~> 1.4)
    nokogiri (1.12.4-x86_64-linux)
      racc (~> 1.4)
    racc (1.5.2)
    rack (2.1.4)
    rspec (3.10.0)
      rspec-core (~> 3.10.0)
      rspec-expectations (~> 3.10.0)
      rspec-mocks (~> 3.10.0)
    rspec-core (3.10.1)
      rspec-support (~> 3.10.0)
    rspec-expectations (3.10.1)
      diff-lcs (>= 1.2.0, < 2.0)
      rspec-support (~> 3.10.0)
    rspec-mocks (3.10.2)
      diff-lcs (>= 1.2.0, < 2.0)
      rspec-support (~> 3.10.0)
    rspec-support (3.10.2)

PLATFORMS
  x86_64-darwin-20
  x86_64-linux

DEPENDENCIES
  nokogiri
  rack (~> 2.1.4)
  rspec

BUNDLED WITH
   2.2.27
